GEM
  remote: https://rubygems.org/
  specs:
    builder (3.2.2)
    rack (1.5.2)
    rack-rpc (0.0.6)
      builder (>= 2.1.2)
      rack (>= 1.0)

PLATFORMS
  ruby

DEPENDENCIES
  rack-rpc
