GEM
  remote: https://rubygems.org/
  specs:
    bindata (1.5.1)
    diff-lcs (1.3)
    ffi (1.9.24)
    hacklet (0.6.0)
      bindata (~> 1.5.0)
      libftdi-ruby (~> 0.0.20)
      slop (~> 3.4.0)
    libftdi-ruby (0.0.20)
      ffi (~> 1.0)
    mustermann (1.0.3)
    rack (2.0.7)
    rack-protection (2.0.2)
      rack
    rack-test (0.7.0)
      rack (>= 1.0, < 3)
    rake (12.0.0)
    rspec (3.6.0)
      rspec-core (~> 3.6.0)
      rspec-expectations (~> 3.6.0)
      rspec-mocks (~> 3.6.0)
    rspec-core (3.6.0)
      rspec-support (~> 3.6.0)
    rspec-expectations (3.6.0)
      diff-lcs (>= 1.2.0, < 2.0)
      rspec-support (~> 3.6.0)
    rspec-mocks (3.6.0)
      diff-lcs (>= 1.2.0, < 2.0)
      rspec-support (~> 3.6.0)
    rspec-support (3.6.0)
    sinatra (2.0.2)
      mustermann (~> 1.0)
      rack (~> 2.0)
      rack-protection (= 2.0.2)
      tilt (~> 2.0)
    slop (3.4.7)
    tilt (2.0.9)

PLATFORMS
  ruby

DEPENDENCIES
  ffi (= 1.9.24)
  hacklet
  rack-test
  rake
  rspec
  sinatra (= 2.0.2)

BUNDLED WITH
   1.15.3
