GEM
  remote: https://rubygems.org/
  specs:
    bindata (1.5.0)
    builder (3.2.2)
    diff-lcs (1.2.4)
    ffi (1.9.0)
    hacklet (0.6.0)
      bindata (~> 1.5.0)
      libftdi-ruby (~> 0.0.20)
      slop (~> 3.4.0)
    libftdi-ruby (0.0.20)
      ffi (~> 1.0)
    rack (1.5.2)
    rack-rpc (0.0.6)
      builder (>= 2.1.2)
      rack (>= 1.0)
    rack-test (0.6.2)
      rack (>= 1.0)
    rake (10.0.4)
    rspec (2.13.0)
      rspec-core (~> 2.13.0)
      rspec-expectations (~> 2.13.0)
      rspec-mocks (~> 2.13.0)
    rspec-core (2.13.1)
    rspec-expectations (2.13.0)
      diff-lcs (>= 1.1.3, < 2.0)
    rspec-mocks (2.13.1)
    slop (3.4.5)

PLATFORMS
  ruby

DEPENDENCIES
  hacklet
  rack-rpc
  rack-test
  rake
  rspec
